GIT
  remote: git://github.com/igneus/calendarium-romanum.git
  revision: 8ddaf2ef877ba9438fc8426196eed278c2658739
  ref: 8ddaf2e
  specs:
    calendarium-romanum (0.3.0)
      i18n (~> 0.6)
      roman-numerals (~> 0.3)
      thor (~> 0.18)

GEM
  remote: https://rubygems.org/
  specs:
    diff-lcs (1.3)
    i18n (0.8.6)
    json (1.8.6)
    mini_portile2 (2.2.0)
    nokogiri (1.8.0)
      mini_portile2 (~> 2.2.0)
    roman-numerals (0.3.0)
    rspec (3.6.0)
      rspec-core (~> 3.6.0)
      rspec-expectations (~> 3.6.0)
      rspec-mocks (~> 3.6.0)
    rspec-core (3.6.0)
      rspec-support (~> 3.6.0)
    rspec-expectations (3.6.0)
      diff-lcs (>= 1.2.0, < 2.0)
      rspec-support (~> 3.6.0)
    rspec-mocks (3.6.0)
      diff-lcs (>= 1.2.0, < 2.0)
      rspec-support (~> 3.6.0)
    rspec-support (3.6.0)
    rubytree (0.9.7)
      json (~> 1.8)
      structured_warnings (~> 0.2)
    structured_warnings (0.3.0)
    thor (0.19.4)
    tilt (2.0.8)

PLATFORMS
  ruby

DEPENDENCIES
  calendarium-romanum!
  i18n
  nokogiri
  rspec
  rubytree
  tilt

BUNDLED WITH
   1.13.6
