GEM
  remote: https://rubygems.org/
  specs:
    calendarium-romanum (0.3.0)
      i18n (~> 0.6)
      roman-numerals (~> 0.3)
      thor (~> 0.18)
    i18n (0.8.6)
    mini_portile2 (2.2.0)
    nokogiri (1.8.0)
      mini_portile2 (~> 2.2.0)
    roman-numerals (0.3.0)
    thor (0.19.4)

PLATFORMS
  ruby

DEPENDENCIES
  calendarium-romanum
  i18n
  nokogiri

BUNDLED WITH
   1.13.6
