GEM
  remote: https://rubygems.org/
  specs:
    calendarium-romanum (0.3.0)
      i18n (~> 0.6)
      roman-numerals (~> 0.3)
      thor (~> 0.18)
    i18n (0.8.6)
    roman-numerals (0.3.0)
    thor (0.19.4)

PLATFORMS
  ruby

DEPENDENCIES
  calendarium-romanum

BUNDLED WITH
   1.13.6
